GEM
  remote: https://rubygems.org/
  specs:
    archive-zip (0.12.0)
      io-like (~> 0.3.0)
    aws-eventstream (1.2.0)
    aws-partitions (1.534.0)
    aws-sdk-core (3.123.0)
      aws-eventstream (~> 1, >= 1.0.2)
      aws-partitions (~> 1, >= 1.525.0)
      aws-sigv4 (~> 1.1)
      jmespath (~> 1.0)
    aws-sdk-kms (1.51.0)
      aws-sdk-core (~> 3, >= 3.122.0)
      aws-sigv4 (~> 1.1)
    aws-sdk-s3 (1.107.0)
      aws-sdk-core (~> 3, >= 3.122.0)
      aws-sdk-kms (~> 1)
      aws-sigv4 (~> 1.4)
    aws-sigv4 (1.4.0)
      aws-eventstream (~> 1, >= 1.0.2)
    io-like (0.3.1)
    jmespath (1.4.0)
    ox (2.14.6)
    rake (13.0.6)

PLATFORMS
  arm64-darwin-21

DEPENDENCIES
  archive-zip (~> 0.12.0)
  aws-sdk-s3 (~> 1)
  ox (~> 2.14.6)
  rake

BUNDLED WITH
   2.2.32
