GEM
  remote: https://rubygems.org/
  specs:
    archive-zip (0.12.0)
      io-like (~> 0.3.0)
    io-like (0.3.1)
    rake (13.0.6)

PLATFORMS
  arm64-darwin-21

DEPENDENCIES
  archive-zip (~> 0.12.0)
  rake

BUNDLED WITH
   2.2.32
